GEM
  remote: https://rubygems.org/
  specs:
    alexa (0.7.0)
      aws-sigv4
      multi_xml (>= 0.5.0)
    aws-eventstream (1.0.3)
    aws-sigv4 (1.1.0)
      aws-eventstream (~> 1.0, >= 1.0.2)
    mini_portile2 (2.4.0)
    multi_xml (0.6.0)
    nokogiri (1.10.2)
      mini_portile2 (~> 2.4.0)

PLATFORMS
  ruby

DEPENDENCIES
  alexa
  nokogiri

BUNDLED WITH
   2.0.1
